GEM
  remote: http://rubygems.org/
  specs:
    archive-tar-minitar (0.5.2)
    chunky_png (1.2.5)
    columnize (0.3.4)
    linecache19 (0.5.12)
      ruby_core_source (>= 0.1.4)
    rake (0.9.2.2)
    ruby-debug-base19 (0.11.25)
      columnize (>= 0.3.1)
      linecache19 (>= 0.5.11)
      ruby_core_source (>= 0.1.4)
    ruby-debug19 (0.11.6)
      columnize (>= 0.3.1)
      linecache19 (>= 0.5.11)
      ruby-debug-base19 (>= 0.11.19)
    ruby_core_source (0.1.5)
      archive-tar-minitar (>= 0.5.2)

PLATFORMS
  ruby

DEPENDENCIES
  chunky_png
  rake
  ruby-debug19
